GEM
  remote: https://rubygems.org/
  specs:
    byebug (3.5.1)
      columnize (~> 0.8)
      debugger-linecache (~> 1.2)
      slop (~> 3.6)
    columnize (0.9.0)
    debugger-linecache (1.2.0)
    slop (3.6.0)
    term-ansicolor (1.3.0)
      tins (~> 1.0)
    tins (1.3.4)

PLATFORMS
  ruby

DEPENDENCIES
  byebug
  term-ansicolor
